GEM
  remote: https://rubygems.org/
  specs:
    blankslate (2.1.2.4)
    bluecloth (2.2.0)
    daemons (1.1.8)
    eventmachine (0.12.10)
    gli (2.0.0)
    json (1.7.5)
    nokogiri (1.5.5)
    parslet (1.4.0)
      blankslate (~> 2.0)
    pdfkit (0.5.2)
    rack (1.4.1)
    showoff (0.7.0)
      bluecloth
      gli (>= 1.3.2)
      json
      nokogiri
      parslet
      sinatra
    sinatra (1.2.8)
      rack (~> 1.1)
      tilt (>= 1.2.2, < 2.0)
    thin (1.3.1)
      daemons (>= 1.0.9)
      eventmachine (>= 0.12.6)
      rack (>= 1.0.0)
    tilt (1.3.3)
    wkhtmltopdf-binary (0.9.9.1)

PLATFORMS
  ruby

DEPENDENCIES
  pdfkit
  showoff
  sinatra (= 1.2.8)
  thin
  wkhtmltopdf-binary
